PATH
  remote: .
  specs:
    todo (1.0.0)
      activerecord (~> 3.2.0)
      sqlite3 (~> 1.3.0)

GEM
  remote: https://rubygems.org/
  specs:
    activemodel (3.2.22.4)
      activesupport (= 3.2.22.4)
      builder (~> 3.0.0)
    activerecord (3.2.22.4)
      activemodel (= 3.2.22.4)
      activesupport (= 3.2.22.4)
      arel (~> 3.0.2)
      tzinfo (~> 0.3.29)
    activesupport (3.2.22.4)
      i18n (~> 0.6, >= 0.6.4)
      multi_json (~> 1.0)
    arel (3.0.3)
    builder (3.0.4)
    i18n (0.7.0)
    multi_json (1.12.1)
    rake (10.5.0)
    redcarpet (3.3.4)
    sqlite3 (1.3.11-x64-mingw32)
    tzinfo (0.3.51)
    yard (0.9.5)

PLATFORMS
  x64-mingw32

DEPENDENCIES
  bundler (~> 1.12)
  rake (~> 10.0)
  redcarpet
  todo!
  yard (~> 0.8)

BUNDLED WITH
   1.12.5
